GEM
  remote: http://rubygems.org/
  specs:
    gli (2.12.2)
    sass (3.4.6)
    trickster (1.4.0)
      gli (~> 2)
      sass

PLATFORMS
  ruby

DEPENDENCIES
  sass
  trickster
